GIT
  remote: git://github.com/emielvanlankveld/rbattlenet.git
  revision: 2982d74cc9c3dbb9ae9fe4c8ffc321da9526d9b3
  branch: master
  specs:
    rbattlenet (2.0.0)
      require_all
      typhoeus (~> 1.1)

PATH
  remote: .
  specs:
    wowaudit (1.0)
      rbattlenet
      require_all
      typhoeus (~> 1.1)

GEM
  remote: https://rubygems.org/
  specs:
    byebug (11.1.3)
    ethon (0.13.0)
      ffi (>= 1.15.0)
    ffi (1.15.4)
    rake (10.5.0)
    require_all (3.0.0)
    typhoeus (1.4.0)
      ethon (>= 0.9.0)

PLATFORMS
  x86_64-darwin-17

DEPENDENCIES
  bundler
  byebug
  rake (~> 10.0)
  rbattlenet!
  wowaudit!

BUNDLED WITH
   2.2.15
